PATH
  remote: .
  specs:
    soap4r-ruby1.9 (2.0.5)

GEM
  remote: http://rubygems.org/
  specs:
    rake (0.9.6)
    rcov (0.9.9)
    shoulda (2.11.3)

PLATFORMS
  ruby

DEPENDENCIES
  rake
  rcov
  shoulda
  soap4r-ruby1.9!
